GEM
  remote: http://rubygems.org/
  specs:
    daemons (1.0.10)
    gem_plugin (0.2.3)
    mongrel (1.2.0.pre2)
      daemons (~> 1.0.10)
      gem_plugin (~> 0.2.3)
    rack (2.1.4.1)

PLATFORMS
  ruby

DEPENDENCIES
  mongrel (= 1.2.0.pre2)
  rack (= 2.1.4.1)
